GEM
  remote: https://rubygems.org/
  specs:
    serverengine (2.3.0)
      sigdump (~> 0.2.2)
    sigdump (0.2.4)

PLATFORMS
  ruby

DEPENDENCIES
  serverengine

BUNDLED WITH
   2.4.0.dev
